GEM
  remote: https://rubygems.org/
  specs:
    addressable (2.7.0)
      public_suffix (>= 2.0.2, < 5.0)
    coderay (1.1.2)
    crack (0.4.3)
      safe_yaml (~> 1.0.0)
    diff-lcs (1.3)
    faraday (1.0.0)
      multipart-post (>= 1.2, < 3)
    google-maps (3.0.5)
      hashie (~> 3.6, >= 3.6.0)
      httpclient (~> 2.7, >= 2.7.1)
      json (>= 1.7.5)
      ruby-hmac (~> 0.4.0)
    hashdiff (1.0.0)
    hashie (3.6.0)
    httpclient (2.8.3)
    json (2.3.0)
    jwt (2.2.1)
    method_source (0.9.2)
    mini_portile2 (2.5.1)
    multipart-post (2.1.1)
    mustermann (1.1.1)
      ruby2_keywords (~> 0.0.1)
    nokogiri (1.11.5)
      mini_portile2 (~> 2.5.0)
      racc (~> 1.4)
    pry (0.12.2)
      coderay (~> 1.1.0)
      method_source (~> 0.9.0)
    public_suffix (4.0.3)
    racc (1.5.2)
    rack (2.1.1)
    rack-protection (2.0.8.1)
      rack
    rspec (3.9.0)
      rspec-core (~> 3.9.0)
      rspec-expectations (~> 3.9.0)
      rspec-mocks (~> 3.9.0)
    rspec-core (3.9.1)
      rspec-support (~> 3.9.1)
    rspec-expectations (3.9.0)
      diff-lcs (>= 1.2.0, < 2.0)
      rspec-support (~> 3.9.0)
    rspec-mocks (3.9.1)
      diff-lcs (>= 1.2.0, < 2.0)
      rspec-support (~> 3.9.0)
    rspec-support (3.9.2)
    ruby-hmac (0.4.0)
    ruby2_keywords (0.0.2)
    safe_yaml (1.0.5)
    sinatra (2.0.8.1)
      mustermann (~> 1.0)
      rack (~> 2.0)
      rack-protection (= 2.0.8.1)
      tilt (~> 2.0)
    sorbet (0.5.5238)
      sorbet-static (= 0.5.5238)
    sorbet-runtime (0.5.5238)
    sorbet-static (0.5.5238-universal-darwin-14)
    sorbet-static (0.5.5238-universal-darwin-15)
    sorbet-static (0.5.5238-universal-darwin-16)
    sorbet-static (0.5.5238-universal-darwin-17)
    sorbet-static (0.5.5238-universal-darwin-18)
    sorbet-static (0.5.5238-universal-darwin-19)
    sorbet-static (0.5.5238-x86_64-linux)
    tilt (2.0.10)
    twilio-ruby (5.31.2)
      faraday (~> 1.0.0)
      jwt (>= 1.5, <= 2.5)
      nokogiri (>= 1.6, < 2.0)
    vcr (5.0.0)
    webmock (3.7.6)
      addressable (>= 2.3.6)
      crack (>= 0.3.2)
      hashdiff (>= 0.4.0, < 2.0.0)

PLATFORMS
  ruby

DEPENDENCIES
  google-maps
  pry
  rspec
  sinatra
  sorbet
  sorbet-runtime
  twilio-ruby
  vcr
  webmock

RUBY VERSION
   ruby 2.6.3p62

BUNDLED WITH
   2.1.2
